PATH
  remote: .
  specs:
    elekk (1.0.2)
      json
      memcached
      nokogiri
      typhoeus

GEM
  remote: http://rubygems.org/
  specs:
    diff-lcs (1.1.2)
    json (1.4.6)
    memcached (1.0.2)
    nokogiri (1.4.4)
    rspec (2.2.0)
      rspec-core (~> 2.2)
      rspec-expectations (~> 2.2)
      rspec-mocks (~> 2.2)
    rspec-core (2.2.1)
    rspec-expectations (2.2.0)
      diff-lcs (~> 1.1.2)
    rspec-mocks (2.2.0)
    typhoeus (0.2.0)

PLATFORMS
  ruby

DEPENDENCIES
  elekk!
  json
  memcached
  nokogiri
  rspec
  typhoeus
